GEM
  remote: https://rubygems.org/
  specs:
    ffi (1.15.5)
    gemoji (3.0.0)
    gemoji-parser (1.3.1)
      gemoji (>= 2.1.0)
    haml (5.0.3)
      temple (>= 0.8.0)
      tilt
    listen (3.8.0)
      rb-fsevent (~> 0.10, >= 0.10.3)
      rb-inotify (~> 0.9, >= 0.9.10)
    pandoc-ruby (2.0.1)
    rake (13.0.6)
    rb-fsevent (0.11.2)
    rb-inotify (0.10.1)
      ffi (~> 1.0)
    temple (0.8.0)
    tilt (2.0.8)

PLATFORMS
  ruby

DEPENDENCIES
  gemoji-parser
  haml
  listen
  pandoc-ruby
  rake (>= 12.3.3)

BUNDLED WITH
   1.17.3
